GEM
  remote: https://rubygems.org/
  specs:
    pit (0.0.7)
    thor (0.18.1)

PLATFORMS
  ruby

DEPENDENCIES
  pit
  thor
